ObjectType = Image
NDims = 3
BinaryData = True
BinaryDataByteOrderMSB = False
CompressedData = False
TransformMatrix = 1 0 0 0 1 0 0 0 1
Offset = -149.707 -288.077 1670.5
CenterOfRotation = 0 0 0
AnatomicalOrientation = RAI
ElementSpacing = 0.585938 0.585938 0.699951
DimSize = 512 512 469
ElementType = MET_UCHAR
ElementDataFile = expi11__1.0__B31f_1018.raw
